GEM
  remote: http://rubygems.org/
  specs:
    highline (1.7.8)

PLATFORMS
  ruby

DEPENDENCIES
  highline

BUNDLED WITH
   1.11.2
